PATH
  remote: .
  specs:
    terraform_landscape (0.0.1)
      colorize (~> 0.7)
      commander (~> 4.4)
      diffy (~> 3.0)
      treetop (~> 1.6)

GEM
  remote: https://rubygems.org/
  specs:
    ast (2.3.0)
    colorize (0.8.1)
    commander (4.4.3)
      highline (~> 1.7.2)
    diff-lcs (1.3)
    diffy (3.1.0)
    highline (1.7.8)
    parser (2.4.0.0)
      ast (~> 2.2)
    polyglot (0.3.5)
    powerpack (0.1.1)
    rainbow (2.2.1)
    rspec (3.5.0)
      rspec-core (~> 3.5.0)
      rspec-expectations (~> 3.5.0)
      rspec-mocks (~> 3.5.0)
    rspec-core (3.5.4)
      rspec-support (~> 3.5.0)
    rspec-expectations (3.5.0)
      diff-lcs (>= 1.2.0, < 2.0)
      rspec-support (~> 3.5.0)
    rspec-mocks (3.5.0)
      diff-lcs (>= 1.2.0, < 2.0)
      rspec-support (~> 3.5.0)
    rspec-support (3.5.0)
    rubocop (0.47.1)
      parser (>= 2.3.3.1, < 3.0)
      powerpack (~> 0.1)
      rainbow (>= 1.99.1, < 3.0)
      ruby-progressbar (~> 1.7)
      unicode-display_width (~> 1.0, >= 1.0.1)
    ruby-progressbar (1.8.1)
    treetop (1.6.8)
      polyglot (~> 0.3)
    unicode-display_width (1.1.3)

PLATFORMS
  ruby

DEPENDENCIES
  rspec (~> 3.0)
  rubocop (= 0.47.1)
  terraform_landscape!

BUNDLED WITH
   1.14.5
